GEM
  remote: https://gems.ruby-china.com/
  specs:
    domain_name (0.6.20240107)
    e2mmap (0.1.0)
    ethon (0.16.0)
      ffi (>= 1.15.0)
    faraday (1.10.3)
      faraday-em_http (~> 1.0)
      faraday-em_synchrony (~> 1.0)
      faraday-excon (~> 1.1)
      faraday-httpclient (~> 1.0)
      faraday-multipart (~> 1.0)
      faraday-net_http (~> 1.0)
      faraday-net_http_persistent (~> 1.0)
      faraday-patron (~> 1.0)
      faraday-rack (~> 1.0)
      faraday-retry (~> 1.0)
      ruby2_keywords (>= 0.0.4)
    faraday-cookie_jar (0.0.7)
      faraday (>= 0.8.0)
      http-cookie (~> 1.0.0)
    faraday-em_http (1.0.0)
    faraday-em_synchrony (1.0.0)
    faraday-excon (1.1.0)
    faraday-httpclient (1.0.1)
    faraday-multipart (1.0.4)
      multipart-post (~> 2)
    faraday-net_http (1.0.1)
    faraday-net_http_persistent (1.2.0)
    faraday-patron (1.0.0)
    faraday-rack (1.0.0)
    faraday-retry (1.0.3)
    faraday_middleware (1.2.0)
      faraday (~> 1.0)
    ffi (1.16.3)
    http-cookie (1.0.5)
      domain_name (~> 0.5)
    msgpack (1.7.2)
    multipart-post (2.4.0)
    rainbow (3.1.1)
    rjb (1.6.9)
    ruby-progressbar (1.13.0)
    ruby2_keywords (0.0.5)
    thwait (0.2.0)
      e2mmap
    typhoeus (1.4.1)
      ethon (>= 0.9.0)

PLATFORMS
  ruby

DEPENDENCIES
  faraday-cookie_jar (>= 0.0.6)
  faraday_middleware (>= 0.12.2)
  msgpack (>= 1.2.6)
  rainbow (>= 3.0.0)
  rjb (~> 1.6)
  ruby-progressbar (>= 1.10.0)
  thwait
  typhoeus

BUNDLED WITH
   2.5.4
